GEM
  remote: http://rubygems.org/
  specs:
    docsplit (0.7.6)

PLATFORMS
  ruby

DEPENDENCIES
  docsplit (= 0.7.6)

BUNDLED WITH
   1.10.6
