GEM
  remote: https://rubygems.org/
  specs:
    ffi (1.15.1)
    json (2.5.1)
    mixlib-cli (1.7.0)
    sensu-plugin (4.0.0)
      json (< 3.0.0)
      mixlib-cli (~> 1.5)
    sensu-plugins-disk-checks (5.1.4)
      sensu-plugin (~> 4.0)
      sys-filesystem (= 1.3.4)
    sys-filesystem (1.3.4)
      ffi

PLATFORMS
  ruby

DEPENDENCIES
  sensu-plugins-disk-checks

BUNDLED WITH
   2.1.4
